PATH
  remote: /Users/garry/Dropbox/Development/spontaneous3/working
  specs:
    spontaneous (0.0.1)
      erubis (~> 2.6)
      fire_and_forget (~> 0.3.1)
      home_run (~> 0.9.4)
      less (~> 1.2)
      miso (~> 0.3.3)
      mysql2 (~> 0.2)
      rack
      rdiscount (~> 1.6.5)
      sequel (~> 3.16)
      sinatra (~> 1.0)
      stringex (~> 1.1)
      tenjin (~> 0.6.1)
      thin (~> 1.2)
      thor (~> 0.14.6)
      unicorn (~> 2.0.0)
      yajl-ruby (~> 0.7)

GEM
  remote: http://rubygems.org/
  specs:
    abstract (1.0.0)
    daemons (1.1.0)
    erubis (2.6.6)
      abstract (>= 1.0.0)
    eventmachine (0.12.10)
    executioner (0.3.0)
    fire_and_forget (0.3.2)
      daemons (~> 1.1.0)
    home_run (0.9.4)
    kgio (1.3.1)
    less (1.2.21)
      mutter (>= 0.4.2)
      treetop (>= 1.4.2)
    miso (0.3.3)
      executioner (>= 0.3.0)
    mutter (0.5.3)
    mysql2 (0.2.6)
    polyglot (0.3.1)
    rack (1.2.1)
    rdiscount (1.6.5)
    sequel (3.19.0)
    sinatra (1.1.2)
      rack (~> 1.1)
      tilt (~> 1.2)
    stringex (1.2.0)
    tenjin (0.6.1)
    thin (1.2.7)
      daemons (>= 1.0.9)
      eventmachine (>= 0.12.6)
      rack (>= 1.0.0)
    thor (0.14.6)
    tilt (1.2.2)
    treetop (1.4.9)
      polyglot (>= 0.3.1)
    unicorn (2.0.1)
      kgio (~> 1.3.1)
      rack
    yajl-ruby (0.7.9)

PLATFORMS
  ruby

DEPENDENCIES
  mysql2 (~> 0.2)
  spontaneous!
