PATH
  remote: /Users/garry/Dropbox/Development/spontaneous3/working
  specs:
    spontaneous (0.0.1)
      activesupport (~> 3.0.4)
      base58 (~> 0.1.0)
      erubis (~> 2.6)
      fire_and_forget (~> 0.3.2)
      home_run (~> 1.0.0)
      hwia (~> 1.0.2)
      kramdown (~> 0.13.3)
      less (~> 1.2)
      miso (~> 0.3.3)
      rack (~> 1.3.beta)
      rdiscount (~> 1.6.5)
      sass (~> 3.1.0.alpha)
      sequel (~> 3.20)
      sinatra (~> 1.1.2)
      stringex (~> 1.1)
      tenjin (~> 0.6.1)
      thin (~> 1.2)
      thor (~> 0.14.6)
      yajl-ruby (~> 0.7)

GEM
  remote: http://rubygems.org/
  specs:
    activesupport (3.0.7)
    base58 (0.1.0)
    daemons (1.1.3)
    erubis (2.7.0)
    eventmachine (0.12.10)
    executioner (0.3.1)
    fire_and_forget (0.3.3)
    home_run (1.0.2)
    hwia (1.0.2)
    kramdown (0.13.3)
    less (1.2.21)
      mutter (>= 0.4.2)
      treetop (>= 1.4.2)
    miso (0.3.3)
      executioner (>= 0.3.0)
    mutter (0.5.3)
    mysql2 (0.3.2)
    polyglot (0.3.1)
    rack (1.3.0.beta)
    rdiscount (1.6.8)
    sass (3.1.1)
    sequel (3.23.0)
    sinatra (1.1.4)
      rack (~> 1.1)
      tilt (>= 1.2.2, < 2.0)
    stringex (1.2.1)
    tenjin (0.6.1)
    thin (1.2.11)
      daemons (>= 1.0.9)
      eventmachine (>= 0.12.6)
      rack (>= 1.0.0)
    thor (0.14.6)
    tilt (1.3)
    treetop (1.4.9)
      polyglot (>= 0.3.1)
    yajl-ruby (0.8.2)

PLATFORMS
  ruby

DEPENDENCIES
  mysql2 (~> 0.2)
  spontaneous!
  thin
