GIT
  remote: https://github.com/dasch/shoulda.git
  revision: 16984cacbbff26413f83f19ca2f5c7aa1326cd27
  branch: minitest
  specs:
    shoulda (2.11.3)

GEM
  remote: http://rubygems.org/
  specs:
    activesupport (3.0.7)
    base58 (0.1.0)
    columnize (0.3.2)
    configuration (1.2.0)
    daemons (1.1.3)
    envjs (0.3.7)
      johnson (>= 2.0.0.pre3)
    erubis (2.7.0)
    eventmachine (0.12.10)
    fire_and_forget (0.3.3)
    git (1.2.5)
    harmony (0.5.6)
      envjs (= 0.3.7)
      johnson (= 2.0.0.pre3)
    home_run (1.0.2)
    hwia (1.0.2)
    jeweler (1.6.0)
      bundler (~> 1.0.0)
      git (>= 1.2.5)
      rake
    jnunemaker-matchy (0.4.0)
    johnson (2.0.0.pre3)
      stackdeck (~> 0.2)
    kramdown (0.13.3)
    launchy (0.4.0)
      configuration (>= 0.0.5)
      rake (>= 0.8.1)
    leftright (0.9.1)
    less (1.2.21)
      mutter (>= 0.4.2)
      treetop (>= 1.4.2)
    linecache (0.43)
    mini_magick (3.3)
      subexec (~> 0.1.0)
    minitest (2.1.0)
    mocha (0.9.12)
    mutter (0.5.3)
    mysql2 (0.3.2)
    polyglot (0.3.1)
    rack (1.3.0.beta2)
    rack-test (0.6.0)
      rack (>= 1.0)
    rake (0.8.7)
    reek (1.2.8)
      ruby2ruby (~> 1.2)
      ruby_parser (~> 2.0)
      sexp_processor (~> 3.0)
    ruby-debug (0.10.4)
      columnize (>= 0.1)
      ruby-debug-base (~> 0.10.4.0)
    ruby-debug-base (0.10.4)
      linecache (>= 0.3)
    ruby2ruby (1.2.5)
      ruby_parser (~> 2.0)
      sexp_processor (~> 3.0)
    ruby_parser (2.0.6)
      sexp_processor (~> 3.0)
    sass (3.1.4)
    selenium-client (1.2.18)
    sequel (3.24.1)
    sexp_processor (3.0.5)
    sinatra (1.1.4)
      rack (~> 1.1)
      tilt (< 2.0, >= 1.2.2)
    stackdeck (0.2.0)
    stringex (1.2.1)
    subexec (0.1.0)
    tenjin (0.6.1)
    thin (1.2.11)
      daemons (>= 1.0.9)
      eventmachine (>= 0.12.6)
      rack (>= 1.0.0)
    thor (0.14.6)
    tilt (1.3.1)
    timecop (0.3.5)
    treetop (1.4.9)
      polyglot (>= 0.3.1)
    yajl-ruby (0.8.2)

PLATFORMS
  ruby

DEPENDENCIES
  activesupport (~> 3.0.4)
  base58 (~> 0.1.0)
  erubis (~> 2.6)
  fire_and_forget (~> 0.3.2)
  harmony (~> 0.5)
  home_run (~> 1.0.0)
  hwia (~> 1.0.2)
  jeweler (~> 1.5)
  jnunemaker-matchy (~> 0.4)
  johnson (= 2.0.0.pre3)
  kramdown (~> 0.13.3)
  launchy (~> 0.4.0)
  leftright (~> 0.9)
  less (~> 1.2)
  mini_magick (~> 3.3)
  minitest (~> 2.1.0)
  mocha (~> 0.9)
  mysql2 (~> 0.2)
  rack (~> 1.3.beta)
  rack-test (~> 0.5)
  rake (= 0.8.7)
  reek
  ruby-debug
  sass (~> 3.1.4)
  selenium-client (~> 1.2.18)
  sequel (~> 3.20)
  shoulda!
  sinatra (~> 1.1.2)
  stackdeck (~> 0.2)
  stringex (~> 1.1)
  tenjin (~> 0.6.1)
  thin (~> 1.2)
  thor (~> 0.14.6)
  timecop (~> 0.3)
  yajl-ruby (~> 0.7)
