GIT
  remote: https://github.com/dasch/shoulda.git
  revision: 16984cacbbff26413f83f19ca2f5c7aa1326cd27
  branch: minitest
  specs:
    shoulda (2.11.3)

GEM
  remote: http://rubygems.org/
  specs:
    abstract (1.0.0)
    activesupport (3.0.4)
    base58 (0.1.0)
    configuration (1.2.0)
    daemons (1.1.0)
    envjs (0.3.7)
      johnson (>= 2.0.0.pre3)
    erubis (2.6.6)
      abstract (>= 1.0.0)
    eventmachine (0.12.10)
    executioner (0.3.0)
    fire_and_forget (0.3.2)
      daemons (~> 1.1.0)
    git (1.2.5)
    harmony (0.5.6)
      envjs (= 0.3.7)
      johnson (= 2.0.0.pre3)
    home_run (1.0.0)
    hwia (1.0.2)
    jeweler (1.5.1)
      bundler (~> 1.0.0)
      git (>= 1.2.5)
      rake
    jnunemaker-matchy (0.4.0)
    johnson (2.0.0.pre3)
      stackdeck (~> 0.2)
    kramdown (0.13.3)
    launchy (0.4.0)
      configuration (>= 0.0.5)
      rake (>= 0.8.1)
    leftright (0.9.0)
    less (1.2.21)
      mutter (>= 0.4.2)
      treetop (>= 1.4.2)
    minitest (2.1.0)
    miso (0.3.3)
      executioner (>= 0.3.0)
    mocha (0.9.8)
      rake
    mutter (0.5.3)
    mysql2 (0.2.4)
    polyglot (0.3.1)
    rack (1.3.0.beta)
    rack-test (0.5.6)
      rack (>= 1.0)
    rake (0.8.7)
    rdiscount (1.6.5)
    sass (3.1.0.alpha.221)
    selenium-client (1.2.18)
    sequel (3.20.0)
    sinatra (1.1.2)
      rack (~> 1.1)
      tilt (~> 1.2)
    stackdeck (0.2.0)
    stringex (1.1.0)
    tenjin (0.6.1)
    thin (1.2.7)
      daemons (>= 1.0.9)
      eventmachine (>= 0.12.6)
      rack (>= 1.0.0)
    thor (0.14.6)
    tilt (1.2.2)
    timecop (0.3.5)
    treetop (1.4.8)
      polyglot (>= 0.3.1)
    yajl-ruby (0.7.8)

PLATFORMS
  ruby

DEPENDENCIES
  activesupport (~> 3.0.4)
  base58 (~> 0.1.0)
  erubis (~> 2.6)
  fire_and_forget (~> 0.3.2)
  harmony (~> 0.5)
  home_run (~> 1.0.0)
  hwia (~> 1.0.2)
  jeweler (~> 1.5)
  jnunemaker-matchy (~> 0.4)
  johnson (= 2.0.0.pre3)
  kramdown (~> 0.13.3)
  launchy (~> 0.4.0)
  leftright (~> 0.9)
  less (~> 1.2)
  minitest (~> 2.1.0)
  miso (~> 0.3.3)
  mocha (~> 0.9)
  mysql2 (~> 0.2)
  rack (~> 1.3.beta)
  rack-test (~> 0.5)
  rdiscount (~> 1.6.5)
  sass (~> 3.1.0.alpha)
  selenium-client (~> 1.2.18)
  sequel (~> 3.20)
  shoulda!
  sinatra (~> 1.1.2)
  stackdeck (~> 0.2)
  stringex (~> 1.1)
  tenjin (~> 0.6.1)
  thin (~> 1.2)
  thor (~> 0.14.6)
  timecop (~> 0.3)
  yajl-ruby (~> 0.7)
